GIT
  remote: https://github.com/thomas-profitt/numeric_range_utils.git
  revision: b720f12d225b4f4164329921356a65a6e5ef3778
  specs:
    numeric_range_utils (0.0.1)

GEM
  remote: https://rubygems.org/
  specs:
    colorize (0.7.7)
    protocol (1.0.1)
      ruby_parser (~> 3.0)
    ruby_parser (3.7.1)
      sexp_processor (~> 4.1)
    sexp_processor (4.6.0)

PLATFORMS
  ruby

DEPENDENCIES
  colorize (~> 0.7.7)
  numeric_range_utils!
  protocol (~> 1.0.1)
