GIT
  remote: https://github.com/thomas-profitt/numeric-range-utils.git
  revision: ee2a4c2734a0ab7a254c830e0872888fd77785c6
  specs:
    numeric-range-utils (0.0.1)

GEM
  remote: https://rubygems.org/
  specs:
    colorize (0.7.7)
    protocol (1.0.1)
      ruby_parser (~> 3.0)
    ruby_parser (3.7.1)
      sexp_processor (~> 4.1)
    sexp_processor (4.6.0)

PLATFORMS
  ruby

DEPENDENCIES
  colorize (~> 0.7.7)
  numeric-range-utils!
  protocol (~> 1.0.1)
